PATH
  remote: .
  specs:
    the_dude-web (0.0.1)
      capybara
      json (~> 1.7.7)
      selenium-webdriver

PATH
  remote: ~/Projects/Development/Open Source/Ruby/Gems/TheDude/source/
  specs:
    the_dude (0.0.3)
      colored
      hirb
      nokogiri

GEM
  remote: https://rubygems.org/
  specs:
    capybara (2.1.0)
      mime-types (>= 1.16)
      nokogiri (>= 1.3.3)
      rack (>= 1.0.0)
      rack-test (>= 0.5.4)
      xpath (~> 2.0)
    childprocess (0.3.9)
      ffi (~> 1.0, >= 1.0.11)
    colored (1.2)
    ffi (1.8.1)
    hirb (0.7.1)
    json (1.7.7)
    mime-types (1.23)
    multi_json (1.7.3)
    nokogiri (1.5.9)
    rack (1.5.2)
    rack-test (0.6.2)
      rack (>= 1.0)
    rake (10.0.4)
    rubyzip (0.9.9)
    selenium-webdriver (2.32.1)
      childprocess (>= 0.2.5)
      multi_json (~> 1.0)
      rubyzip
      websocket (~> 1.0.4)
    websocket (1.0.7)
    xpath (2.0.0)
      nokogiri (~> 1.3)

PLATFORMS
  ruby

DEPENDENCIES
  rake
  the_dude!
  the_dude-web!
